PATH
  remote: .
  specs:
    opzworks (0.13.0.4)
      addressable (~> 2.5.0)
      aws-sdk (~> 2.7)
      berkshelf
      berkshelf-api-client
      chef-config (~> 12.16.42)
      cleanroom
      diffy (~> 3.1.0)
      faraday (~> 0.9)
      hashie (~> 3.4.6)
      httpclient (~> 2.8.2.4)
      inifile (~> 3.0.0)
      json (~> 1.8)
      minitar (>= 0.6.1)
      mixlib-archive (~> 0.2.0)
      molinillo (~> 0.5.4)
      net-ssh (~> 3.0.2)
      net-ssh-multi (~> 1.2.1)
      nio4r (~> 2)
      octokit (~> 4.6)
      public_suffix (~> 2.0.4)
      rainbow (~> 2.2.1)
      sawyer (~> 0.8)
      solve (~> 3.0.1)
      thor (~> 0.19)
      trollop (~> 2.0)
      trollop-subcommands

GEM
  remote: https://rubygems.org/
  specs:
    addressable (2.5.2)
      public_suffix (>= 2.0.2, < 4.0)
    ast (2.3.0)
    awesome_print (1.7.0)
    aws-eventstream (1.1.0)
    aws-sdk (2.11.495)
      aws-sdk-resources (= 2.11.495)
    aws-sdk-core (2.11.495)
      aws-sigv4 (~> 1.0)
      jmespath (~> 1.0)
    aws-sdk-resources (2.11.495)
      aws-sdk-core (= 2.11.495)
    aws-sigv4 (1.1.3)
      aws-eventstream (~> 1.0, >= 1.0.2)
    berkshelf (5.2.0)
      addressable (~> 2.3, >= 2.3.4)
      berkshelf-api-client (>= 2.0.2, < 4.0)
      buff-config (~> 2.0)
      buff-extensions (~> 2.0)
      buff-shell_out (~> 1.0)
      cleanroom (~> 1.0)
      faraday (~> 0.9)
      httpclient (~> 2.7)
      minitar (~> 0.5, >= 0.5.4)
      mixlib-archive (~> 0.1)
      octokit (~> 4.0)
      retryable (~> 2.0)
      ridley (~> 5.0)
      solve (> 2.0, < 4.0)
      thor (~> 0.19)
    berkshelf-api-client (3.0.0)
      faraday (~> 0.9)
      httpclient (~> 2.7)
      ridley (>= 4.5, < 6.0)
    buff-config (2.0.0)
      buff-extensions (~> 2.0)
      varia_model (~> 0.6)
    buff-extensions (2.0.0)
    buff-ignore (1.2.0)
    buff-ruby_engine (1.0.0)
    buff-shell_out (1.1.0)
      buff-ruby_engine (~> 1.0)
    byebug (8.2.1)
    celluloid (0.16.0)
      timers (~> 4.0.0)
    celluloid-io (0.16.2)
      celluloid (>= 0.16.0)
      nio4r (>= 1.1.0)
    chef-config (12.16.42)
      addressable
      fuzzyurl
      mixlib-config (~> 2.0)
      mixlib-shellout (~> 2.0)
    cleanroom (1.0.0)
    diffy (3.1.0)
    erubis (2.7.0)
    faraday (0.17.3)
      multipart-post (>= 1.2, < 3)
    fuzzyurl (0.9.0)
    hashie (3.4.6)
    hitimes (2.0.0)
    httpclient (2.8.2.4)
    inifile (3.0.0)
    jmespath (1.4.0)
    json (1.8.6)
    minitar (0.9)
    mixlib-archive (0.2.0)
      mixlib-log
    mixlib-authentication (2.1.1)
    mixlib-config (2.2.18)
      tomlrb
    mixlib-log (3.0.8)
    mixlib-shellout (2.4.4)
    molinillo (0.5.7)
    multipart-post (2.1.1)
    net-ssh (3.0.2)
    net-ssh-gateway (1.3.0)
      net-ssh (>= 2.6.5)
    net-ssh-multi (1.2.1)
      net-ssh (>= 2.6.5)
      net-ssh-gateway (>= 1.2.0)
    nio4r (2.5.2)
    octokit (4.18.0)
      faraday (>= 0.9)
      sawyer (~> 0.8.0, >= 0.5.3)
    parser (2.4.0.0)
      ast (~> 2.2)
    powerpack (0.1.1)
    public_suffix (2.0.5)
    rainbow (2.2.2)
      rake
    rake (12.0.0)
    retryable (2.0.4)
    ridley (5.1.1)
      addressable
      buff-config (~> 2.0)
      buff-extensions (~> 2.0)
      buff-ignore (~> 1.2)
      buff-shell_out (~> 1.0)
      celluloid (~> 0.16.0)
      celluloid-io (~> 0.16.1)
      chef-config (>= 12.5.0)
      erubis
      faraday (~> 0.9)
      hashie (>= 2.0.2, < 4.0.0)
      httpclient (~> 2.7)
      json (>= 1.7.7)
      mixlib-authentication (>= 1.3.0)
      retryable (~> 2.0)
      semverse (~> 2.0)
      varia_model (~> 0.6)
    rubocop (0.37.2)
      parser (>= 2.3.0.4, < 3.0)
      powerpack (~> 0.1)
      rainbow (>= 1.99.1, < 3.0)
      ruby-progressbar (~> 1.7)
      unicode-display_width (~> 0.3)
    ruby-progressbar (1.8.1)
    sawyer (0.8.2)
      addressable (>= 2.3.5)
      faraday (> 0.8, < 2.0)
    semverse (2.0.0)
    solve (3.0.1)
      molinillo (~> 0.4)
      semverse (>= 1.1, < 3.0)
    thor (0.20.3)
    timers (4.0.4)
      hitimes
    tomlrb (1.3.0)
    trollop (2.9.10)
    trollop-subcommands (0.1.0)
      trollop (~> 2.1)
    unicode-display_width (0.3.1)
    varia_model (0.6.0)
      buff-extensions (~> 2.0)
      hashie (>= 2.0.2, < 4.0.0)

PLATFORMS
  ruby

DEPENDENCIES
  awesome_print
  bundler (~> 1.11)
  byebug
  opzworks!
  rake
  rubocop (~> 0.37)

BUNDLED WITH
   1.17.3
